GIT
  remote: https://github.com/18F/identity-aamva-api-client-gem.git
  revision: 149b5b480f0319ec39410e497bb4bbffd1652014
  tag: v3.4.1
  specs:
    aamva (3.4.1)
      dotenv
      faraday
      hashie
      retries
      xmldsig

GIT
  remote: https://github.com/18F/identity-doc-auth.git
  revision: 4e1e09d7e5eb673dfbc1e301feacc74859d25d29
  tag: v0.3.3
  specs:
    identity-doc-auth (0.3.3)
      activesupport
      faraday

GIT
  remote: https://github.com/18F/identity-hostdata.git
  revision: 305533690ab16a3fd24f19512061691e25e937ff
  tag: v0.4.2
  specs:
    identity-hostdata (0.4.2)
      aws-sdk-s3 (~> 1.8)

GIT
  remote: https://github.com/18F/identity-idp-functions.git
  revision: 94c96472a5948f3dd97bddcb00401f181ccbfd36
  ref: 94c96472a5948f3dd97bddcb00401f181ccbfd36
  specs:
    identity-idp-functions (0.7.7)
      aws-sdk-s3 (>= 1.73)
      aws-sdk-ssm (>= 1.55)
      retries (>= 0.0.5)

GIT
  remote: https://github.com/18F/identity-lexisnexis-api-client-gem.git
  revision: 1bef47ea242d0aa2e7d777370cafaa7556f7874f
  tag: v2.3.0
  specs:
    lexisnexis (2.3.0)
      dotenv
      faraday

GIT
  remote: https://github.com/18F/identity-proofer-gem.git
  revision: f48ecd14ef602d574119022c0fc15350cbd7baa0
  tag: v2.7.0
  specs:
    proofer (2.7.0)

GIT
  remote: https://github.com/18F/identity-validations.git
  revision: 31d041f479d5479940b9c6c67a3ee37786ace68c
  branch: master
  specs:
    identity_validations (0.3.1)

GIT
  remote: https://github.com/18F/saml_idp.git
  revision: 19c0c7ec6f4e7b0dd90e2cfb2d3da1225018f2b4
  tag: 0.11.0.18f
  specs:
    saml_idp (0.11.0.pre.18f)
      activesupport
      builder
      httparty
      nokogiri (>= 1.10.2)
      pkcs11
      uuid

GIT
  remote: https://github.com/18f/identity-telephony.git
  revision: ebc61fc878f9413c32b6b1a0a6c82866f86ad60c
  tag: v0.1.7
  specs:
    identity-telephony (0.1.7)
      aws-sdk-pinpoint
      aws-sdk-pinpointsmsvoice
      i18n

GEM
  remote: https://rubygems.org/
  specs:
    actioncable (6.0.3.4)
      actionpack (= 6.0.3.4)
      nio4r (~> 2.0)
      websocket-driver (>= 0.6.1)
    actionmailbox (6.0.3.4)
      actionpack (= 6.0.3.4)
      activejob (= 6.0.3.4)
      activerecord (= 6.0.3.4)
      activestorage (= 6.0.3.4)
      activesupport (= 6.0.3.4)
      mail (>= 2.7.1)
    actionmailer (6.0.3.4)
      actionpack (= 6.0.3.4)
      actionview (= 6.0.3.4)
      activejob (= 6.0.3.4)
      mail (~> 2.5, >= 2.5.4)
      rails-dom-testing (~> 2.0)
    actionpack (6.0.3.4)
      actionview (= 6.0.3.4)
      activesupport (= 6.0.3.4)
      rack (~> 2.0, >= 2.0.8)
      rack-test (>= 0.6.3)
      rails-dom-testing (~> 2.0)
      rails-html-sanitizer (~> 1.0, >= 1.2.0)
    actiontext (6.0.3.4)
      actionpack (= 6.0.3.4)
      activerecord (= 6.0.3.4)
      activestorage (= 6.0.3.4)
      activesupport (= 6.0.3.4)
      nokogiri (>= 1.8.5)
    actionview (6.0.3.4)
      activesupport (= 6.0.3.4)
      builder (~> 3.1)
      erubi (~> 1.4)
      rails-dom-testing (~> 2.0)
      rails-html-sanitizer (~> 1.1, >= 1.2.0)
    activejob (6.0.3.4)
      activesupport (= 6.0.3.4)
      globalid (>= 0.3.6)
    activemodel (6.0.3.4)
      activesupport (= 6.0.3.4)
    activerecord (6.0.3.4)
      activemodel (= 6.0.3.4)
      activesupport (= 6.0.3.4)
    activestorage (6.0.3.4)
      actionpack (= 6.0.3.4)
      activejob (= 6.0.3.4)
      activerecord (= 6.0.3.4)
      marcel (~> 0.3.1)
    activesupport (6.0.3.4)
      concurrent-ruby (~> 1.0, >= 1.0.2)
      i18n (>= 0.7, < 2)
      minitest (~> 5.1)
      tzinfo (~> 1.1)
      zeitwerk (~> 2.2, >= 2.2.2)
    addressable (2.7.0)
      public_suffix (>= 2.0.2, < 5.0)
    aes_key_wrap (1.1.0)
    ahoy_matey (3.0.5)
      activesupport (>= 5)
      device_detector
      geocoder (>= 1.4.5)
      safely_block (>= 0.2.1)
    american_date (1.1.1)
    android_key_attestation (0.3.0)
    ast (2.4.1)
    autoprefixer-rails (10.0.3.0)
      execjs
    awrence (1.1.1)
    aws-eventstream (1.1.0)
    aws-partitions (1.400.0)
    aws-sdk-cloudwatchlogs (1.38.0)
      aws-sdk-core (~> 3, >= 3.109.0)
      aws-sigv4 (~> 1.1)
    aws-sdk-core (3.109.3)
      aws-eventstream (~> 1, >= 1.0.2)
      aws-partitions (~> 1, >= 1.239.0)
      aws-sigv4 (~> 1.1)
      jmespath (~> 1.0)
    aws-sdk-kms (1.39.0)
      aws-sdk-core (~> 3, >= 3.109.0)
      aws-sigv4 (~> 1.1)
    aws-sdk-lambda (1.54.0)
      aws-sdk-core (~> 3, >= 3.109.0)
      aws-sigv4 (~> 1.1)
    aws-sdk-pinpoint (1.47.0)
      aws-sdk-core (~> 3, >= 3.109.0)
      aws-sigv4 (~> 1.1)
    aws-sdk-pinpointsmsvoice (1.21.0)
      aws-sdk-core (~> 3, >= 3.109.0)
      aws-sigv4 (~> 1.1)
    aws-sdk-s3 (1.85.0)
      aws-sdk-core (~> 3, >= 3.109.0)
      aws-sdk-kms (~> 1)
      aws-sigv4 (~> 1.1)
    aws-sdk-ses (1.36.0)
      aws-sdk-core (~> 3, >= 3.109.0)
      aws-sigv4 (~> 1.1)
    aws-sdk-ssm (1.98.0)
      aws-sdk-core (~> 3, >= 3.109.0)
      aws-sigv4 (~> 1.1)
    aws-sigv4 (1.2.2)
      aws-eventstream (~> 1, >= 1.0.2)
    axe-matchers (2.6.1)
      dumb_delegator (~> 0.8)
      virtus (~> 1.0)
    axiom-types (0.1.1)
      descendants_tracker (~> 0.0.4)
      ice_nine (~> 0.11.0)
      thread_safe (~> 0.3, >= 0.3.1)
    base32-crockford (0.1.0)
    bcrypt (3.1.16)
    benchmark-ips (2.8.4)
    better_errors (2.9.1)
      coderay (>= 1.0.0)
      erubi (>= 1.0.0)
      rack (>= 0.9.0)
    bindata (2.4.8)
    binding_of_caller (0.8.0)
      debug_inspector (>= 0.0.1)
    bootsnap (1.5.1)
      msgpack (~> 1.0)
    brakeman (4.10.0)
    builder (3.2.4)
    bullet (6.1.0)
      activesupport (>= 3.0.0)
      uniform_notifier (~> 1.11)
    byebug (11.1.3)
    capybara (3.34.0)
      addressable
      mini_mime (>= 0.1.3)
      nokogiri (~> 1.8)
      rack (>= 1.6.0)
      rack-test (>= 0.6.3)
      regexp_parser (~> 1.5)
      xpath (~> 3.2)
    capybara-screenshot (1.0.25)
      capybara (>= 1.0, < 4)
      launchy
    capybara-selenium (0.0.6)
      capybara
      selenium-webdriver
    cbor (0.5.9.6)
    childprocess (3.0.0)
    choice (0.2.0)
    chunky_png (1.3.14)
    codeclimate-test-reporter (1.0.9)
      simplecov (<= 0.13)
    coderay (1.1.3)
    coercible (1.0.0)
      descendants_tracker (~> 0.0.1)
    concurrent-ruby (1.1.7)
    connection_pool (2.2.3)
    cose (1.2.0)
      cbor (~> 0.5.9)
      openssl-signature_algorithm (~> 1.0)
    crack (0.4.4)
    crass (1.0.6)
    css_parser (1.7.1)
      addressable
    debug_inspector (0.0.3)
    derailed_benchmarks (1.8.1)
      benchmark-ips (~> 2)
      get_process_mem (~> 0)
      heapy (~> 0)
      memory_profiler (~> 0)
      mini_histogram (>= 0.2.1)
      rack (>= 1)
      rake (> 10, < 14)
      ruby-statistics (>= 2.1)
      thor (>= 0.19, < 2)
    descendants_tracker (0.0.4)
      thread_safe (~> 0.3, >= 0.3.1)
    device_detector (1.0.5)
    devise (4.7.3)
      bcrypt (~> 3.0)
      orm_adapter (~> 0.1)
      railties (>= 4.1.0)
      responders
      warden (~> 1.2.3)
    diff-lcs (1.4.4)
    docile (1.1.5)
    dotenv (2.7.6)
    dotiw (5.1.0)
      activesupport
      i18n
    dumb_delegator (0.8.1)
    email_spec (2.2.0)
      htmlentities (~> 4.3.3)
      launchy (~> 2.1)
      mail (~> 2.7)
    equalizer (0.0.11)
    errbase (0.2.0)
    erubi (1.10.0)
    exception_notification (4.4.3)
      actionmailer (>= 4.0, < 7)
      activesupport (>= 4.0, < 7)
    execjs (2.7.0)
    factory_bot (6.1.0)
      activesupport (>= 5.0.0)
    factory_bot_rails (6.1.0)
      factory_bot (~> 6.1.0)
      railties (>= 5.0.0)
    faker (2.15.1)
      i18n (>= 1.6, < 2)
    faraday (1.1.0)
      multipart-post (>= 1.2, < 3)
      ruby2_keywords
    ffi (1.13.1)
    ffi-compiler (1.0.1)
      ffi (>= 1.0.0)
      rake
    formatador (0.2.5)
    foundation_emails (2.2.1.0)
    geocoder (1.6.4)
    get_process_mem (0.2.7)
      ffi (~> 1.0)
    globalid (0.4.2)
      activesupport (>= 4.2.0)
    gmail (0.7.1)
      gmail_xoauth (>= 0.3.0)
      mail (>= 2.2.1)
    gmail_xoauth (0.4.2)
      oauth (>= 0.3.6)
    guard (2.16.2)
      formatador (>= 0.2.4)
      listen (>= 2.7, < 4.0)
      lumberjack (>= 1.0.12, < 2.0)
      nenv (~> 0.1)
      notiffany (~> 0.0)
      pry (>= 0.9.12)
      shellany (~> 0.0)
      thor (>= 0.18.1)
    guard-compat (1.2.1)
    guard-rspec (4.7.3)
      guard (~> 2.1)
      guard-compat (~> 1.1)
      rspec (>= 2.99.0, < 4.0)
    hashdiff (1.0.1)
    hashie (4.1.0)
    heapy (0.2.0)
      thor
    highline (2.0.3)
    hiredis (0.6.3)
    htmlentities (4.3.4)
    http_accept_language (2.1.1)
    httparty (0.18.1)
      mime-types (~> 3.0)
      multi_xml (>= 0.5.2)
    i18n (1.8.5)
      concurrent-ruby (~> 1.0)
    i18n-tasks (0.9.31)
      activesupport (>= 4.0.2)
      ast (>= 2.1.0)
      erubi
      highline (>= 2.0.0)
      i18n
      parser (>= 2.2.3.0)
      rails-i18n
      rainbow (>= 2.2.2, < 4.0)
      terminal-table (>= 1.5.1)
    ice_nine (0.11.2)
    io-console (0.5.6)
    irb (1.2.7)
      reline (>= 0.1.5)
    jmespath (1.4.0)
    json (2.3.1)
    json-jwt (1.13.0)
      activesupport (>= 4.2)
      aes_key_wrap
      bindata
    jwt (2.2.2)
    knapsack (1.20.0)
      rake
    launchy (2.5.0)
      addressable (~> 2.7)
    listen (3.3.3)
      rb-fsevent (~> 0.10, >= 0.10.3)
      rb-inotify (~> 0.9, >= 0.9.10)
    local_time (2.1.0)
    lograge (0.11.2)
      actionpack (>= 4)
      activesupport (>= 4)
      railties (>= 4)
      request_store (~> 1.0)
    loofah (2.8.0)
      crass (~> 1.0.2)
      nokogiri (>= 1.5.9)
    lumberjack (1.2.8)
    macaddr (1.7.2)
      systemu (~> 2.6.5)
    mail (2.7.1)
      mini_mime (>= 0.1.1)
    marcel (0.3.3)
      mimemagic (~> 0.3.2)
    maxminddb (0.1.22)
    memory_profiler (0.9.14)
    method_source (1.0.0)
    mime-types (3.3.1)
      mime-types-data (~> 3.2015)
    mime-types-data (3.2020.1104)
    mimemagic (0.3.5)
    mini_histogram (0.3.1)
    mini_mime (1.0.2)
    mini_portile2 (2.4.0)
    minitest (5.14.2)
    msgpack (1.3.3)
    multi_xml (0.6.0)
    multipart-post (2.1.1)
    nenv (0.3.0)
    net-sftp (2.1.2)
      net-ssh (>= 2.6.5)
    net-ssh (5.2.0)
    newrelic_rpm (6.14.0)
    nio4r (2.5.4)
    nokogiri (1.10.10)
      mini_portile2 (~> 2.4.0)
    notiffany (0.1.3)
      nenv (~> 0.1)
      shellany (~> 0.0)
    oauth (0.5.4)
    octokit (4.19.0)
      faraday (>= 0.9)
      sawyer (~> 0.8.0, >= 0.5.3)
    openssl (2.2.0)
    openssl-signature_algorithm (1.0.0)
    orm_adapter (0.5.0)
    parallel (1.20.1)
    parallel_tests (2.29.2)
      parallel
    parser (2.7.2.0)
      ast (~> 2.4.1)
    pg (1.2.3)
    phonelib (0.6.46)
    pkcs11 (0.3.3)
    premailer (1.14.2)
      addressable
      css_parser (>= 1.6.0)
      htmlentities (>= 4.0.0)
    premailer-rails (1.11.1)
      actionmailer (>= 3)
      premailer (~> 1.7, >= 1.7.9)
    pry (0.13.1)
      coderay (~> 1.1)
      method_source (~> 1.0)
    pry-byebug (3.9.0)
      byebug (~> 11.0)
      pry (~> 0.13.0)
    pry-doc (1.1.0)
      pry (~> 0.11)
      yard (~> 0.9.11)
    pry-rails (0.3.9)
      pry (>= 0.10.4)
    psych (3.2.0)
    public_suffix (4.0.6)
    puma (5.1.0)
      nio4r (~> 2.0)
    rack (2.2.3)
    rack-attack (6.3.1)
      rack (>= 1.0, < 3)
    rack-cors (1.1.1)
      rack (>= 2.0.0)
    rack-headers_filter (0.0.1)
    rack-mini-profiler (2.2.0)
      rack (>= 1.2.0)
    rack-proxy (0.6.5)
      rack
    rack-test (1.1.0)
      rack (>= 1.0, < 3)
    rack-timeout (0.6.0)
    rack_session_access (0.2.0)
      builder (>= 2.0.0)
      rack (>= 1.0.0)
    rails (6.0.3.4)
      actioncable (= 6.0.3.4)
      actionmailbox (= 6.0.3.4)
      actionmailer (= 6.0.3.4)
      actionpack (= 6.0.3.4)
      actiontext (= 6.0.3.4)
      actionview (= 6.0.3.4)
      activejob (= 6.0.3.4)
      activemodel (= 6.0.3.4)
      activerecord (= 6.0.3.4)
      activestorage (= 6.0.3.4)
      activesupport (= 6.0.3.4)
      bundler (>= 1.3.0)
      railties (= 6.0.3.4)
      sprockets-rails (>= 2.0.0)
    rails-controller-testing (1.0.5)
      actionpack (>= 5.0.1.rc1)
      actionview (>= 5.0.1.rc1)
      activesupport (>= 5.0.1.rc1)
    rails-dom-testing (2.0.3)
      activesupport (>= 4.2.0)
      nokogiri (>= 1.6)
    rails-erd (1.6.0)
      activerecord (>= 4.2)
      activesupport (>= 4.2)
      choice (~> 0.2.0)
      ruby-graphviz (~> 1.2)
    rails-html-sanitizer (1.3.0)
      loofah (~> 2.3)
    rails-i18n (6.0.0)
      i18n (>= 0.7, < 2)
      railties (>= 6.0.0, < 7)
    railties (6.0.3.4)
      actionpack (= 6.0.3.4)
      activesupport (= 6.0.3.4)
      method_source
      rake (>= 0.8.7)
      thor (>= 0.20.3, < 2.0)
    rainbow (3.0.0)
    raise-if-root (0.0.2)
    rake (13.0.1)
    rb-fsevent (0.10.4)
    rb-inotify (0.10.1)
      ffi (~> 1.0)
    readthis (2.2.0)
      connection_pool (~> 2.1)
      redis (>= 3.0, < 5.0)
    recaptcha (5.2.1)
      json
    redis (4.2.5)
    redis-session-store (0.11.3)
      actionpack (>= 3, < 7)
      redis (>= 3, < 5)
    regexp_parser (1.8.2)
    reline (0.1.9)
      io-console (~> 0.5)
    request_store (1.5.0)
      rack (>= 1.4)
    responders (3.0.1)
      actionpack (>= 5.0)
      railties (>= 5.0)
    retries (0.0.5)
    rexml (3.2.4)
    rotp (6.2.0)
    rqrcode (1.1.2)
      chunky_png (~> 1.0)
      rqrcode_core (~> 0.1)
    rqrcode_core (0.1.2)
    rspec (3.10.0)
      rspec-core (~> 3.10.0)
      rspec-expectations (~> 3.10.0)
      rspec-mocks (~> 3.10.0)
    rspec-core (3.10.0)
      rspec-support (~> 3.10.0)
    rspec-expectations (3.10.0)
      diff-lcs (>= 1.2.0, < 2.0)
      rspec-support (~> 3.10.0)
    rspec-mocks (3.10.0)
      diff-lcs (>= 1.2.0, < 2.0)
      rspec-support (~> 3.10.0)
    rspec-rails (4.0.1)
      actionpack (>= 4.2)
      activesupport (>= 4.2)
      railties (>= 4.2)
      rspec-core (~> 3.9)
      rspec-expectations (~> 3.9)
      rspec-mocks (~> 3.9)
      rspec-support (~> 3.9)
    rspec-support (3.10.0)
    rubocop (1.4.2)
      parallel (~> 1.10)
      parser (>= 2.7.1.5)
      rainbow (>= 2.2.2, < 4.0)
      regexp_parser (>= 1.8)
      rexml
      rubocop-ast (>= 1.1.1)
      ruby-progressbar (~> 1.7)
      unicode-display_width (>= 1.4.0, < 2.0)
    rubocop-ast (1.3.0)
      parser (>= 2.7.1.5)
    rubocop-rails (2.5.2)
      activesupport
      rack (>= 1.1)
      rubocop (>= 0.72.0)
    ruby-graphviz (1.2.5)
      rexml
    ruby-progressbar (1.10.1)
    ruby-saml (1.11.0)
      nokogiri (>= 1.5.10)
    ruby-statistics (2.1.2)
    ruby2_keywords (0.0.2)
    rubyzip (1.3.0)
    safe_target_blank (1.0.2)
      rails
    safely_block (0.3.0)
      errbase (>= 0.1.1)
    safety_net_attestation (0.4.0)
      jwt (~> 2.0)
    sassc (2.4.0)
      ffi (~> 1.9)
    sassc-rails (2.1.2)
      railties (>= 4.0.0)
      sassc (>= 2.0)
      sprockets (> 3.0)
      sprockets-rails
      tilt
    sawyer (0.8.2)
      addressable (>= 2.3.5)
      faraday (> 0.8, < 2.0)
    scrypt (3.0.7)
      ffi-compiler (>= 1.0, < 2.0)
    secure_headers (6.3.1)
    securecompare (1.0.0)
    selenium-webdriver (3.142.7)
      childprocess (>= 0.5, < 4.0)
      rubyzip (>= 1.2.2)
    semantic_range (2.3.1)
    shellany (0.0.1)
    shoulda-matchers (4.4.1)
      activesupport (>= 4.2.0)
    simple_form (5.0.3)
      actionpack (>= 5.0)
      activemodel (>= 5.0)
    simplecov (0.13.0)
      docile (~> 1.1.0)
      json (>= 1.8, < 3)
      simplecov-html (~> 0.10.0)
    simplecov-html (0.10.2)
    sprockets (4.0.2)
      concurrent-ruby (~> 1.0)
      rack (> 1, < 3)
    sprockets-rails (3.2.2)
      actionpack (>= 4.0)
      activesupport (>= 4.0)
      sprockets (>= 3.0.0)
    stringex (2.8.5)
    strong_migrations (0.7.3)
      activerecord (>= 5)
    subprocess (1.5.3)
    systemu (2.6.5)
    terminal-table (1.8.0)
      unicode-display_width (~> 1.1, >= 1.1.1)
    thor (1.0.1)
    thread_safe (0.3.6)
    tilt (2.0.10)
    timecop (0.9.2)
    tpm-key_attestation (0.10.0)
      bindata (~> 2.4)
      openssl-signature_algorithm (~> 1.0)
    tzinfo (1.2.8)
      thread_safe (~> 0.1)
    uglifier (4.2.0)
      execjs (>= 0.3.0, < 3)
    unicode-display_width (1.7.0)
    uniform_notifier (1.13.0)
    user_agent_parser (2.7.0)
    uuid (2.3.9)
      macaddr (~> 1.0)
    valid_email (0.1.3)
      activemodel
      mail (>= 2.6.1)
    virtus (1.0.5)
      axiom-types (~> 0.1)
      coercible (~> 1.0)
      descendants_tracker (~> 0.0, >= 0.0.3)
      equalizer (~> 0.0, >= 0.0.9)
    warden (1.2.9)
      rack (>= 2.0.9)
    webauthn (2.4.0)
      android_key_attestation (~> 0.3.0)
      awrence (~> 1.1)
      bindata (~> 2.4)
      cbor (~> 0.5.9)
      cose (~> 1.1)
      openssl (~> 2.0)
      safety_net_attestation (~> 0.4.0)
      securecompare (~> 1.0)
      tpm-key_attestation (~> 0.10.0)
    webdrivers (4.4.1)
      nokogiri (~> 1.6)
      rubyzip (>= 1.3.0)
      selenium-webdriver (>= 3.0, < 4.0)
    webmock (3.10.0)
      addressable (>= 2.3.6)
      crack (>= 0.3.2)
      hashdiff (>= 0.4.0, < 2.0.0)
    webpacker (5.2.1)
      activesupport (>= 5.2)
      rack-proxy (>= 0.6.1)
      railties (>= 5.2)
      semantic_range (>= 2.3.0)
    websocket-driver (0.7.3)
      websocket-extensions (>= 0.1.0)
    websocket-extensions (0.1.5)
    xmldsig (0.6.6)
      nokogiri (>= 1.6.8, < 2.0.0)
    xmlenc (0.7.1)
      activemodel (>= 3.0.0)
      activesupport (>= 3.0.0)
      nokogiri (>= 1.6.0, < 2.0.0)
      xmlmapper (>= 0.7.3)
    xmlmapper (0.7.3)
      nokogiri (~> 1.5)
    xpath (3.2.0)
      nokogiri (~> 1.8)
    yard (0.9.25)
    zeitwerk (2.4.2)
    zonebie (0.6.1)
    zxcvbn-js (4.4.3)
      execjs

PLATFORMS
  ruby

DEPENDENCIES
  aamva!
  ahoy_matey (~> 3.0)
  american_date
  autoprefixer-rails (~> 10.0)
  aws-sdk-cloudwatchlogs
  aws-sdk-kms (~> 1.4)
  aws-sdk-lambda
  aws-sdk-ses (~> 1.6)
  axe-matchers (~> 2.6.0)
  base32-crockford
  better_errors (>= 2.5.1)
  binding_of_caller
  bootsnap (~> 1.5.0)
  brakeman
  bullet (>= 6.0.2)
  capybara-screenshot (>= 1.0.23)
  capybara-selenium (>= 0.0.6)
  codeclimate-test-reporter
  derailed_benchmarks (~> 1.8)
  device_detector
  devise (~> 4.7.2)
  dotiw (>= 4.0.1)
  email_spec
  exception_notification (>= 4.4.0)
  factory_bot_rails (>= 5.2.0)
  faker
  faraday
  foundation_emails
  gmail
  guard-rspec
  hiredis
  http_accept_language
  i18n-tasks (>= 0.9.31)
  identity-doc-auth!
  identity-hostdata!
  identity-idp-functions!
  identity-telephony!
  identity_validations!
  irb
  json-jwt (>= 1.11.0)
  jwt
  knapsack
  lexisnexis!
  local_time
  lograge (>= 0.11.2)
  maxminddb
  net-sftp
  newrelic_rpm
  octokit
  parallel_tests
  pg
  phonelib
  premailer-rails (>= 1.11.1)
  proofer!
  pry-byebug
  pry-doc
  pry-rails
  psych
  puma
  rack-attack (>= 6.2.1)
  rack-cors (>= 1.0.5)
  rack-headers_filter
  rack-mini-profiler (>= 1.1.3)
  rack-test (>= 1.1.0)
  rack-timeout
  rack_session_access (>= 0.2.0)
  rails (~> 6.0.0)
  rails-controller-testing (>= 1.0.4)
  rails-erd (>= 1.6.0)
  raise-if-root
  readthis
  recaptcha
  redis-session-store (>= 0.11.3)
  rotp (~> 6.1)
  rqrcode
  rspec-rails (~> 4.0)
  rubocop (~> 1.4.0)
  rubocop-rails (>= 2.5.2)
  ruby-progressbar
  ruby-saml
  safe_target_blank (>= 1.0.2)
  saml_idp!
  sassc-rails (~> 2.1.2)
  scrypt
  secure_headers (~> 6.3)
  shoulda-matchers (~> 4.0)
  simple_form (>= 5.0.2)
  stringex
  strong_migrations (>= 0.4.2)
  subprocess
  timecop
  uglifier (~> 4.2)
  user_agent_parser
  valid_email (>= 0.1.3)
  webauthn (~> 2.1)
  webdrivers (~> 4.0)
  webmock
  webpacker (~> 5.1)
  xmlenc (~> 0.7, >= 0.7.1)
  zonebie
  zxcvbn-js

RUBY VERSION
   ruby 2.6.5p114

BUNDLED WITH
   1.17.3
